PATH
  remote: ../Documents/automato
  specs:
    Automato (0.3.10)
      bundler (~> 1.13)
      fire_poll
      httparty
      rake (~> 10.0)
      sidekiq

GEM
  remote: https://rubygems.org/
  specs:
    activesupport (5.2.0)
      concurrent-ruby (~> 1.0, >= 1.0.2)
      i18n (>= 0.7, < 2)
      minitest (~> 5.1)
      tzinfo (~> 1.1)
    addressable (2.5.2)
      public_suffix (>= 2.0.2, < 4.0)
    amq-protocol (2.3.0)
    amqp (1.8.0)
      amq-protocol (>= 2.2.0)
      eventmachine
    appium_console (2.8.1)
      appium_lib (~> 9, >= 9.8)
      awesome_print (~> 1.7)
      bond (~> 0.5)
      pry (~> 0.11.0)
      spec (~> 5.3, >= 5.3.1)
      thor (~> 0.19)
    appium_lib (9.11.0)
      appium_lib_core (~> 1.4.0)
      nokogiri (~> 1.8, >= 1.8.1)
      tomlrb (~> 1.1)
    appium_lib_core (1.4.0)
      faye-websocket (~> 0.10.0)
      json (>= 1.8)
      selenium-webdriver (~> 3.5)
    archive-zip (0.11.0)
      io-like (~> 0.3.0)
    awesome_print (1.8.0)
    backports (3.11.3)
    bond (0.5.1)
    builder (3.2.3)
    bunny (2.9.2)
      amq-protocol (~> 2.3.0)
    childprocess (0.9.0)
      ffi (~> 1.0, >= 1.0.11)
    chromedriver-helper (1.2.0)
      archive-zip (~> 0.10)
      nokogiri (~> 1.8)
    chronic_duration (0.10.6)
      numerizer (~> 0.1.1)
    chunky_png (1.3.10)
    coderay (1.1.2)
    colorize (0.8.1)
    concurrent-ruby (1.0.5)
    connection_pool (2.2.1)
    csvlint (0.4.0)
      activesupport
      addressable
      colorize
      escape_utils
      mime-types
      net-http-persistent (< 3.0)
      open_uri_redirections
      rack
      thor
      typhoeus
      uri_template
    cucumber (3.1.0)
      builder (>= 2.1.2)
      cucumber-core (~> 3.1.0)
      cucumber-expressions (~> 5.0.4)
      cucumber-wire (~> 0.0.1)
      diff-lcs (~> 1.3)
      gherkin (~> 5.0)
      multi_json (>= 1.7.5, < 2.0)
      multi_test (>= 0.1.2)
    cucumber-ajaxer (0.0.4)
      cucumber
    cucumber-core (3.1.0)
      backports (>= 3.8.0)
      cucumber-tag_expressions (~> 1.1.0)
      gherkin (>= 5.0.0)
    cucumber-expressions (5.0.17)
    cucumber-tag_expressions (1.1.1)
    cucumber-wire (0.0.1)
    data_magic (1.2)
      faker (>= 1.1.2)
      yml_reader (>= 0.6)
    diff-lcs (1.3)
    escape_utils (1.2.1)
    ethon (0.11.0)
      ffi (>= 1.3.0)
    eventmachine (1.2.5)
    faker (1.8.7)
      i18n (>= 0.7)
    faye-websocket (0.10.7)
      eventmachine (>= 0.12.0)
      websocket-driver (>= 0.5.1)
    ffi (1.9.23)
    fire_poll (1.2.0)
    gherkin (5.0.0)
    httparty (0.16.2)
      multi_xml (>= 0.5.2)
    i18n (1.0.1)
      concurrent-ruby (~> 1.0)
    io-like (0.3.0)
    json (2.1.0)
    method_source (0.9.0)
    mime-types (3.1)
      mime-types-data (~> 3.2015)
    mime-types-data (3.2016.0521)
    mini_magick (4.8.0)
    mini_portile2 (2.3.0)
    minitest (5.11.3)
    multi_json (1.13.1)
    multi_test (0.1.2)
    multi_xml (0.6.0)
    net-http-persistent (2.9.4)
    nokogiri (1.8.2)
      mini_portile2 (~> 2.3.0)
    numerizer (0.1.1)
    open_uri_redirections (0.2.1)
    page-object (2.2.4)
      page_navigation (>= 0.10)
      selenium-webdriver (~> 3.0)
      watir (~> 6.8)
    page_navigation (0.10)
      data_magic (>= 0.22)
    phashion (1.2.0)
    pry (0.11.3)
      coderay (~> 1.1.0)
      method_source (~> 0.9.0)
    public_suffix (3.0.2)
    rack (2.0.4)
    rack-protection (2.0.1)
      rack
    rake (10.5.0)
    redis (4.0.1)
    require_all (1.5.0)
    rspec (3.7.0)
      rspec-core (~> 3.7.0)
      rspec-expectations (~> 3.7.0)
      rspec-mocks (~> 3.7.0)
    rspec-core (3.7.1)
      rspec-support (~> 3.7.0)
    rspec-expectations (3.7.0)
      diff-lcs (>= 1.2.0, < 2.0)
      rspec-support (~> 3.7.0)
    rspec-mocks (3.7.0)
      diff-lcs (>= 1.2.0, < 2.0)
      rspec-support (~> 3.7.0)
    rspec-support (3.7.1)
    rubyzip (1.2.1)
    selenium-cucumber (3.1.5)
      appium_lib (>= 8.0.2)
      chunky_png (>= 1.3.5)
      cucumber (>= 2.3.0)
      rspec (>= 3.4.0)
      selenium-webdriver (>= 2.53.0)
    selenium-webdriver (3.11.0)
      childprocess (~> 0.5)
      rubyzip (~> 1.2)
    sidekiq (5.1.3)
      concurrent-ruby (~> 1.0)
      connection_pool (~> 2.2, >= 2.2.0)
      rack-protection (>= 1.5.0)
      redis (>= 3.3.5, < 5)
    spec (5.3.4)
      chronic_duration (~> 0.10.2)
    testrail_client (0.0.1)
    thor (0.20.0)
    thread_safe (0.3.6)
    tomlrb (1.2.6)
    typhoeus (1.3.0)
      ethon (>= 0.9.0)
    tzinfo (1.2.5)
      thread_safe (~> 0.1)
    uri_template (0.7.0)
    watir (6.10.3)
      selenium-webdriver (~> 3.4, >= 3.4.1)
    websocket-driver (0.7.0)
      websocket-extensions (>= 0.1.0)
    websocket-extensions (0.1.3)
    yml_reader (0.7)

PLATFORMS
  ruby

DEPENDENCIES
  Automato!
  activesupport
  amqp
  appium_console
  appium_lib
  bunny
  chromedriver-helper
  csvlint
  cucumber
  cucumber-ajaxer
  faker
  fire_poll
  httparty
  mini_magick
  nokogiri
  page-object
  phashion
  pry
  require_all (~> 1.0)
  selenium-cucumber
  selenium-webdriver
  testrail_client

BUNDLED WITH
   1.16.1
